GIT
  remote: https://github.com/ambethia/recaptcha.git
  revision: f86ef39cf0dc2cc615638fbc4dd9056a9e2c84dd
  tag: v0.3.1
  specs:
    recaptcha (0.3.1)

GEM
  remote: http://rubygems.org/
  specs:
    actionmailer (2.3.8)
      actionpack (= 2.3.8)
    actionpack (2.3.8)
      activesupport (= 2.3.8)
      rack (~> 1.1.0)
    activerecord (2.3.8)
      activesupport (= 2.3.8)
    activeresource (2.3.8)
      activesupport (= 2.3.8)
    activesupport (2.3.8)
    rack (1.1.2)
    rails (2.3.8)
      actionmailer (= 2.3.8)
      actionpack (= 2.3.8)
      activerecord (= 2.3.8)
      activeresource (= 2.3.8)
      activesupport (= 2.3.8)
      rake (>= 0.8.3)
    rake (0.9.2)
    sqlite3 (1.3.3)

PLATFORMS
  ruby

DEPENDENCIES
  rails (= 2.3.8)
  recaptcha!
  sqlite3
